GEM
  remote: https://rubygems.org/
  specs:
    mustermann (1.0.0.beta2)
    rack (2.0.1)
    rack-protection (2.0.0.beta2)
      rack
    sinatra (2.0.0.beta2)
      mustermann (= 1.0.0.beta2)
      rack (~> 2.0)
      rack-protection (= 2.0.0.beta2)
      tilt (~> 2.0)
    tilt (2.0.5)

PLATFORMS
  ruby

DEPENDENCIES
  sinatra (= 2.0.0.beta2)

BUNDLED WITH
   1.12.5
